{
	"Manufacturer": "Siemens",
	"ManufacturersModelName": "Prisma_fit",
	"EchoTrainLength": 90,
	"AcquisitionNumber": 1,
	"InstitutionName": "Washington_University",
	"InstitutionAddress": "Scott_Ave_4525_St._Louis_MO_US_63110",
	"DeviceSerialNumber": "67064",
	"SoftwareVersions": "syngo_MR_E11",
	"ProcedureStepDescription": "head_Braver",
	"ScanningSequence": "EP",
	"SequenceVariant": "SK_SS",
	"SeriesDescription": "tfMRI_StroopBas1_AP_SBRef",
	"BodyPartExamined": "HEAD",
	"ProtocolName": "tfMRI_StroopBas1_AP",
	"SequenceName": "epfid2d1_90",
	"ImageType": ["ORIGINAL", "PRIMARY", "M", "ND", "MOSAIC"],
	"AcquisitionTime": "11:04:22.207500",
	"MagneticFieldStrength": 3,
	"FlipAngle": 63,
	"EchoTime": 0.033,
	"RepetitionTime": 1.2,
	"PhaseEncodingLines": 90,
	"BandwidthPerPixelPhaseEncode": 18.832,
	"EffectiveEchoSpacing": 0.000590012,
	"TotalReadoutTime": 0.0525111,
	"SliceTiming": [
		0,
		0.0775,
		0.1575,
		0.235,
		0.3125,
		0.3925,
		0.47,
		0.55,
		0.6275,
		0.7075,
		0.785,
		0.865,
		0.9425,
		1.0225,
		1.1,
		1.18,
		1.2575,
		1.335,
		1.415,
		1.4925,
		1.5725,
		1.65,
		1.73,
		1.8075,
		1.8875,
		1.965,
		2.045,
		2.1225,
		2.2025,
		2.28,
		2.3575,
		2.4375,
		2.515,
		2.595,
		2.6725,
		2.7525,
		2.83,
		2.91,
		2.9875,
		3.0675,
		3.145,
		3.225,
		3.3025,
		3.3825,
		3.46,
		3.5375,
		3.6175,
		3.695,
		3.775,
		3.8525,
		3.9325,
		4.01,
		4.09,
		4.1675,
		4.2475,
		4.325,
		4.405,
		4.4825,
		4.56,
		4.64	],
	"PhaseEncodingDirection": "j-",
	"ConversionSoftware": "dcm2niix",
	"ConversionSoftwareVersion": "v1.0.20170624 (OpenJPEG build) MSC1900"
}
