{
	"Manufacturer": "Siemens",
	"ManufacturersModelName": "Prisma_fit",
	"EchoTrainLength": 90,
	"AcquisitionNumber": 1,
	"InstitutionName": "Washington_University",
	"InstitutionAddress": "Scott_Ave_4525_St._Louis_MO_US_63110",
	"DeviceSerialNumber": "67064",
	"SoftwareVersions": "syngo_MR_E11",
	"ProcedureStepDescription": "head_Braver",
	"ScanningSequence": "EP",
	"SequenceVariant": "SK_SS",
	"SeriesDescription": "tfMRI_StroopBas1_AP",
	"BodyPartExamined": "HEAD",
	"ProtocolName": "tfMRI_StroopBas1_AP",
	"SequenceName": "epfid2d1_90",
	"ImageType": ["ORIGINAL", "PRIMARY", "M", "MB", "ND", "MOSAIC"],
	"AcquisitionTime": "12:08:8.995000",
	"MagneticFieldStrength": 3,
	"FlipAngle": 63,
	"EchoTime": 0.033,
	"RepetitionTime": 1.2,
	"PhaseEncodingLines": 90,
	"BandwidthPerPixelPhaseEncode": 18.832,
	"EffectiveEchoSpacing": 0.000590012,
	"TotalReadoutTime": 0.0525111,
	"SliceTiming": [
		0,
		0.63,
		0.08,
		0.71,
		0.1575,
		0.7875,
		0.2375,
		0.865,
		0.315,
		0.945,
		0.395,
		1.0225,
		0.4725,
		1.1025,
		0.5525,
		0,
		0.63,
		0.08,
		0.71,
		0.1575,
		0.7875,
		0.2375,
		0.865,
		0.315,
		0.945,
		0.395,
		1.0225,
		0.4725,
		1.1025,
		0.5525,
		0,
		0.63,
		0.08,
		0.71,
		0.1575,
		0.7875,
		0.2375,
		0.865,
		0.315,
		0.945,
		0.395,
		1.0225,
		0.4725,
		1.1025,
		0.5525,
		0,
		0.63,
		0.08,
		0.71,
		0.1575,
		0.7875,
		0.2375,
		0.865,
		0.315,
		0.945,
		0.395,
		1.0225,
		0.4725,
		1.1025,
		0.5525	],
	"PhaseEncodingDirection": "j-",
	"ConversionSoftware": "dcm2niix",
	"TaskName": "Stroop",
	"ConversionSoftwareVersion": "v1.0.20170624 (OpenJPEG build) MSC1900"
}
