{
	"Manufacturer": "Siemens",
	"ManufacturersModelName": "Prisma_fit",
	"AcquisitionNumber": 1,
	"InstitutionName": "Washington_University",
	"InstitutionAddress": "Scott_Ave_4525_St._Louis_MO_US_63110",
	"DeviceSerialNumber": "67064",
	"SoftwareVersions": "syngo_MR_E11",
	"ProcedureStepDescription": "head_Braver",
	"ScanningSequence": "GR_IR",
	"SequenceVariant": "SK_SP_MP",
	"SeriesDescription": "T1w_MPR",
	"BodyPartExamined": "HEAD",
	"ProtocolName": "T1w_MPR",
	"SequenceName": "_tfl3d1_16ns",
	"ImageType": ["ORIGINAL", "PRIMARY", "M", "ND", "NORM"],
	"AcquisitionTime": "19:44:33.612500",
	"MagneticFieldStrength": 3,
	"FlipAngle": 8,
	"EchoTime": 0.00222,
	"RepetitionTime": 2.4,
	"InversionTime": 1,
	"PhaseEncodingLines": 300,
	"AccelFactPE": 2,
	"PhaseEncodingDirection": "i-",
	"ConversionSoftware": "dcm2niix",
	"ConversionSoftwareVersion": "v1.0.20170624 (OpenJPEG build) MSC1900"
}
