{
	"Manufacturer": "Siemens",
	"ManufacturersModelName": "Prisma_fit",
	"EchoTrainLength": 314,
	"AcquisitionNumber": 1,
	"InstitutionName": "Washington_University",
	"InstitutionAddress": "Scott_Ave_4525_St._Louis_MO_US_63110",
	"DeviceSerialNumber": "67064",
	"SoftwareVersions": "syngo_MR_E11",
	"ProcedureStepDescription": "head_Braver",
	"ScanningSequence": "SE",
	"SequenceVariant": "SK_SP",
	"SeriesDescription": "T2w_SPC",
	"BodyPartExamined": "HEAD",
	"ProtocolName": "T2w_SPC",
	"SequenceName": "_spc_314ns",
	"ImageType": ["ORIGINAL", "PRIMARY", "M", "ND", "NORM"],
	"AcquisitionTime": "19:51:39.647500",
	"MagneticFieldStrength": 3,
	"FlipAngle": 120,
	"EchoTime": 0.563,
	"RepetitionTime": 3.2,
	"PhaseEncodingLines": 300,
	"AccelFactPE": 2,
	"PhaseEncodingDirection": "i-",
	"ConversionSoftware": "dcm2niix",
	"ConversionSoftwareVersion": "v1.0.20170624 (OpenJPEG build) MSC1900"
}
