{
	"Manufacturer": "Siemens",
	"ManufacturersModelName": "Prisma_fit",
	"EchoTrainLength": 90,
	"AcquisitionNumber": 1,
	"InstitutionName": "Washington_University",
	"InstitutionAddress": "Scott_Ave_4525_St._Louis_MO_US_63110",
	"DeviceSerialNumber": "67064",
	"SoftwareVersions": "syngo_MR_E11",
	"ProcedureStepDescription": "head_Braver",
	"ScanningSequence": "EP",
	"SequenceVariant": "SK",
	"SeriesDescription": "SpinEchoFieldMap_AP",
	"BodyPartExamined": "HEAD",
	"ProtocolName": "SpinEchoFieldMap_AP",
	"SequenceName": "epse2d1_90",
	"ImageType": ["ORIGINAL", "PRIMARY", "M", "ND", "MOSAIC"],
	"AcquisitionTime": "11:41:49.807500",
	"MagneticFieldStrength": 3,
	"FlipAngle": 90,
	"EchoTime": 0.06,
	"RepetitionTime": 6.1,
	"PhaseEncodingLines": 90,
	"BandwidthPerPixelPhaseEncode": 18.832,
	"EffectiveEchoSpacing": 0.000590012,
	"TotalReadoutTime": 0.0525111,
	"SliceTiming": [
		3.04,
		0,
		3.14,
		0.1,
		3.2425,
		0.2025,
		3.3425,
		0.3025,
		3.445,
		0.405,
		3.545,
		0.505,
		3.6475,
		0.6075,
		3.7475,
		0.7075,
		3.85,
		0.81,
		3.95,
		0.9125,
		4.0525,
		1.0125,
		4.155,
		1.115,
		4.255,
		1.215,
		4.3575,
		1.3175,
		4.4575,
		1.4175,
		4.56,
		1.52,
		4.66,
		1.62,
		4.7625,
		1.7225,
		4.8625,
		1.8225,
		4.965,
		1.925,
		5.065,
		2.025,
		5.1675,
		2.1275,
		5.2675,
		2.2275,
		5.37,
		2.33,
		5.47,
		2.43,
		5.5725,
		2.5325,
		5.675,
		2.635,
		5.775,
		2.735,
		5.8775,
		2.8375,
		5.9775,
		2.9375	],
	"PhaseEncodingDirection": "j-",
	"ConversionSoftware": "dcm2niix",
	"IntendedFor": "ses-01/func/sub-01_ses-01_task-Stroop_acq-cf1PA_run-02_bold.nii.gz",
	"ConversionSoftwareVersion": "v1.0.20170624 (OpenJPEG build) MSC1900"
}
