{
	"Manufacturer": "Siemens",
	"ManufacturersModelName": "Prisma_fit",
	"EchoTrainLength": 90,
	"AcquisitionNumber": 1,
	"InstitutionName": "Washington_University",
	"InstitutionAddress": "Scott_Ave_4525_St._Louis_MO_US_63110",
	"DeviceSerialNumber": "67064",
	"SoftwareVersions": "syngo_MR_E11",
	"ProcedureStepDescription": "head_Braver",
	"ScanningSequence": "EP",
	"SequenceVariant": "SK",
	"SeriesDescription": "SpinEchoFieldMap_AP",
	"BodyPartExamined": "HEAD",
	"ProtocolName": "SpinEchoFieldMap_AP",
	"SequenceName": "epse2d1_90",
	"ImageType": ["ORIGINAL", "PRIMARY", "M", "ND", "MOSAIC"],
	"AcquisitionTime": "07:27:35.167500",
	"MagneticFieldStrength": 3,
	"FlipAngle": 90,
	"EchoTime": 0.06,
	"RepetitionTime": 6.1,
	"PhaseEncodingLines": 90,
	"BandwidthPerPixelPhaseEncode": 18.832,
	"EffectiveEchoSpacing": 0.000590012,
	"TotalReadoutTime": 0.0525111,
	"SliceTiming": [
		3.04,
		0,
		3.1425,
		0.1025,
		3.2425,
		0.205,
		3.345,
		0.305,
		3.4475,
		0.4075,
		3.5475,
		0.5075,
		3.65,
		0.61,
		3.75,
		0.71,
		3.8525,
		0.8125,
		3.9525,
		0.9125,
		4.055,
		1.015,
		4.155,
		1.115,
		4.2575,
		1.2175,
		4.3575,
		1.3175,
		4.46,
		1.42,
		4.56,
		1.52,
		4.6625,
		1.6225,
		4.7625,
		1.725,
		4.865,
		1.825,
		4.9675,
		1.9275,
		5.0675,
		2.0275,
		5.17,
		2.13,
		5.27,
		2.23,
		5.3725,
		2.3325,
		5.4725,
		2.4325,
		5.575,
		2.535,
		5.675,
		2.635,
		5.7775,
		2.7375,
		5.8775,
		2.8375,
		5.98,
		2.94	],
	"PhaseEncodingDirection": "j-",
	"ConversionSoftware": "dcm2niix",
	"IntendedFor": "ses-02/func/sub-01_ses-02_task-Stroop_acq-cf2PA_run-02_bold.nii.gz",
	"ConversionSoftwareVersion": "v1.0.20170624 (OpenJPEG build) MSC1900"
}
