{
	"Manufacturer": "Siemens",
	"ManufacturersModelName": "Prisma_fit",
	"EchoTrainLength": 90,
	"AcquisitionNumber": 1,
	"InstitutionName": "Washington_University",
	"InstitutionAddress": "Scott_Ave_4525_St._Louis_MO_US_63110",
	"DeviceSerialNumber": "67064",
	"SoftwareVersions": "syngo_MR_E11",
	"ProcedureStepDescription": "head_Braver",
	"ScanningSequence": "EP",
	"SequenceVariant": "SK_SS",
	"SeriesDescription": "tfMRI_StroopBas1_AP_SBRef",
	"BodyPartExamined": "HEAD",
	"ProtocolName": "tfMRI_StroopBas1_AP",
	"SequenceName": "epfid2d1_90",
	"ImageType": ["ORIGINAL", "PRIMARY", "M", "ND", "MOSAIC"],
	"AcquisitionTime": "07:32:26.427500",
	"MagneticFieldStrength": 3,
	"FlipAngle": 63,
	"EchoTime": 0.033,
	"RepetitionTime": 1.2,
	"PhaseEncodingLines": 90,
	"BandwidthPerPixelPhaseEncode": 18.832,
	"EffectiveEchoSpacing": 0.000590012,
	"TotalReadoutTime": 0.0525111,
	"SliceTiming": [
		0,
		0.08,
		0.1575,
		0.2375,
		0.315,
		0.395,
		0.4725,
		0.5525,
		0.63,
		0.71,
		0.7875,
		0.865,
		0.945,
		1.0225,
		1.1025,
		1.18,
		1.26,
		1.3375,
		1.4175,
		1.495,
		1.575,
		1.6525,
		1.7325,
		1.81,
		1.89,
		1.9675,
		2.045,
		2.125,
		2.2025,
		2.2825,
		2.36,
		2.44,
		2.5175,
		2.5975,
		2.675,
		2.755,
		2.8325,
		2.9125,
		2.99,
		3.0675,
		3.1475,
		3.225,
		3.305,
		3.3825,
		3.4625,
		3.54,
		3.62,
		3.6975,
		3.7775,
		3.855,
		3.935,
		4.0125,
		4.0925,
		4.17,
		4.2475,
		4.3275,
		4.405,
		4.485,
		4.5625,
		4.6425	],
	"PhaseEncodingDirection": "j-",
	"ConversionSoftware": "dcm2niix",
	"ConversionSoftwareVersion": "v1.0.20170624 (OpenJPEG build) MSC1900"
}
